GEM
  remote: http://rubygems.org/
  specs:
    formatador (0.2.5)
    shindo (0.3.8)
      formatador (>= 0.1.1)
    thrift (0.9.2.0)

PLATFORMS
  ruby

DEPENDENCIES
  shindo
  thrift
